GIT
  remote: https://github.com/octokit/octokit.rb
  revision: 71fa11c53e94bb040f30f5fcbdcc365be3c6b8d6
  specs:
    octokit (4.14.0)
      faraday (>= 0.9)
      sawyer (~> 0.8.0, >= 0.5.3)

GEM
  remote: https://rubygems.org/
  specs:
    addressable (2.8.1)
      public_suffix (>= 2.0.2, < 6.0)
    faraday (0.17.1)
      multipart-post (>= 1.2, < 3)
    multipart-post (2.1.1)
    public_suffix (5.0.0)
    ruby-graphviz (1.2.4)
    sawyer (0.8.2)
      addressable (>= 2.3.5)
      faraday (> 0.8, < 2.0)

PLATFORMS
  ruby

DEPENDENCIES
  octokit!
  ruby-graphviz

BUNDLED WITH
   2.0.2
